PATH
  remote: .
  specs:
    arkmongo (0.1.0)
      mongo (~> 2.4)
      pastel (~> 0.7.2)
      thor (~> 0.19.4)
      tty-color (~> 0.4.2)
      tty-command (~> 0.7.0)
      tty-cursor (~> 0.5.0)
      tty-editor (~> 0.3.0)
      tty-file (~> 0.5.0)
      tty-font (~> 0.2.0)
      tty-markdown (~> 0.3.0)
      tty-pager (~> 0.11.0)
      tty-platform (~> 0.1.0)
      tty-progressbar (~> 0.13.0)
      tty-prompt (~> 0.14.0)
      tty-screen (~> 0.6.4)
      tty-spinner (~> 0.8.0)
      tty-table (~> 0.10.0)
      tty-tree (~> 0.1.0)
      tty-which (~> 0.3.0)

PATH
  remote: /home/singh/Documents/Projects/ARK-Ruby
  specs:
    ark-ruby (0.1.1)
      btcruby
      deep_hash_transform
      faraday (~> 0.12.2)
      faraday_middleware (~> 0.12.2)

GEM
  remote: https://rubygems.org/
  specs:
    bson (4.3.0)
    btcruby (1.7)
      ffi (~> 1.9, >= 1.9.3)
    deep_hash_transform (1.0.0)
    diff-lcs (1.3)
    equatable (0.5.0)
    faraday (0.12.2)
      multipart-post (>= 1.2, < 3)
    faraday_middleware (0.12.2)
      faraday (>= 0.7.4, < 1.0)
    ffi (1.9.23)
    hitimes (1.2.6)
    kramdown (1.16.2)
    mongo (2.5.1)
      bson (>= 4.3.0, < 5.0.0)
    multipart-post (2.0.0)
    necromancer (0.4.0)
    pastel (0.7.2)
      equatable (~> 0.5.0)
      tty-color (~> 0.4.0)
    rake (10.5.0)
    rouge (3.1.1)
    rspec (3.7.0)
      rspec-core (~> 3.7.0)
      rspec-expectations (~> 3.7.0)
      rspec-mocks (~> 3.7.0)
    rspec-core (3.7.1)
      rspec-support (~> 3.7.0)
    rspec-expectations (3.7.0)
      diff-lcs (>= 1.2.0, < 2.0)
      rspec-support (~> 3.7.0)
    rspec-mocks (3.7.0)
      diff-lcs (>= 1.2.0, < 2.0)
      rspec-support (~> 3.7.0)
    rspec-support (3.7.1)
    strings (0.1.1)
      unicode-display_width (~> 1.3.0)
      unicode_utils (~> 1.4.0)
    thor (0.19.4)
    timers (4.1.2)
      hitimes
    tty-color (0.4.2)
    tty-command (0.7.0)
      pastel (~> 0.7.0)
    tty-cursor (0.5.0)
    tty-editor (0.3.0)
      tty-prompt (~> 0.14.0)
      tty-which (~> 0.3.0)
    tty-file (0.5.0)
      diff-lcs (~> 1.3.0)
      pastel (~> 0.7.2)
      tty-prompt (~> 0.14.0)
    tty-font (0.2.0)
    tty-markdown (0.3.0)
      kramdown (~> 1.16.2)
      pastel (~> 0.7.2)
      rouge (~> 3.1.0)
      strings (~> 0.1.0)
      tty-color (~> 0.4.2)
      tty-screen (~> 0.6.4)
    tty-pager (0.11.0)
      strings (~> 0.1.0)
      tty-screen (~> 0.6.4)
      tty-which (~> 0.3.0)
    tty-platform (0.1.0)
    tty-progressbar (0.13.0)
      tty-cursor (~> 0.5.0)
      tty-screen (~> 0.6.0)
    tty-prompt (0.14.0)
      necromancer (~> 0.4.0)
      pastel (~> 0.7.0)
      timers (~> 4.1.2)
      tty-cursor (~> 0.5.0)
      tty-reader (~> 0.2.0)
    tty-reader (0.2.0)
      tty-cursor (~> 0.5.0)
      tty-screen (~> 0.6.4)
      wisper (~> 2.0.0)
    tty-screen (0.6.4)
    tty-spinner (0.8.0)
      tty-cursor (>= 0.5.0)
    tty-table (0.10.0)
      equatable (~> 0.5.0)
      necromancer (~> 0.4.0)
      pastel (~> 0.7.2)
      strings (~> 0.1.0)
      tty-screen (~> 0.6.4)
    tty-tree (0.1.0)
    tty-which (0.3.0)
    unicode-display_width (1.3.0)
    unicode_utils (1.4.0)
    wisper (2.0.0)

PLATFORMS
  ruby

DEPENDENCIES
  ark-ruby!
  arkmongo!
  bundler (~> 1.16)
  rake (~> 10.0)
  rspec (~> 3.0)

BUNDLED WITH
   1.16.0
